GEM
  remote: https://rubygems.org/
  specs:
    concurrent-ruby (1.3.3)
    faker (3.4.1)
      i18n (>= 1.8.11, < 2)
    i18n (1.14.5)
      concurrent-ruby (~> 1.0)

PLATFORMS
  arm64-darwin-23

DEPENDENCIES
  faker (~> 3.4)

BUNDLED WITH
   2.4.20
